GEM
  remote: https://rubygems.org/
  specs:
    diff-lcs (1.6.0)
    nokogiri (1.18.3-x64-mingw-ucrt)
      racc (~> 1.4)
    racc (1.8.1)
    rack (2.2.11)
    rspec (3.13.0)
      rspec-core (~> 3.13.0)
      rspec-expectations (~> 3.13.0)
      rspec-mocks (~> 3.13.0)
    rspec-core (3.13.3)
      rspec-support (~> 3.13.0)
    rspec-expectations (3.13.3)
      diff-lcs (>= 1.2.0, < 2.0)
      rspec-support (~> 3.13.0)
    rspec-mocks (3.13.2)
      diff-lcs (>= 1.2.0, < 2.0)
      rspec-support (~> 3.13.0)
    rspec-support (3.13.2)

PLATFORMS
  x64-mingw-ucrt

DEPENDENCIES
  nokogiri
  rack (~> 2.2.4)
  rspec

BUNDLED WITH
   2.5.22
